GEM
  remote: http://rubygems.org/
  specs:
    bourbon (3.1.1)
      sass (>= 3.2.0)
      thor
    haml (4.0.0)
      tilt
    neat (1.2.0)
      bourbon (>= 2.1)
      sass (>= 3.2)
    sass (3.2.6)
    thor (0.17.0)
    tilt (1.3.4)

PLATFORMS
  ruby

DEPENDENCIES
  bourbon
  haml
  neat
  sass
