GEM
  remote: https://rubygems.org/
  specs:
    bourbon (3.1.8)
      sass (>= 3.2.0)
      thor
    haml (4.0.5)
      tilt
    jasmine (2.0.0)
      jasmine-core (~> 2.0.0)
      phantomjs
      rack (>= 1.2.1)
      rake
    jasmine-core (2.0.0)
    neat (1.5.0)
      bourbon (>= 2.1)
      sass (>= 3.2)
    phantomjs (1.9.2.1)
    rack (1.5.2)
    rake (10.1.1)
    sass (3.2.14)
    thor (0.18.1)
    tilt (2.0.0)

PLATFORMS
  ruby

DEPENDENCIES
  bourbon
  haml
  jasmine
  neat
  rake
  sass
